GIT
  remote: git://github.com/concord-consortium/capybara-testrunner.git
  revision: 0a268e37ddd0aabcea237f392744465d5a3d4cd6
  branch: gem
  specs:
    sc-testdriver (0.1.1)
      capybara
      daemon_controller
      selenium-client

GEM
  remote: http://rubygems.org/
  specs:
    addressable (2.2.6)
    builder (3.0.0)
    capybara (1.1.1)
      mime-types (>= 1.16)
      nokogiri (>= 1.3.3)
      rack (>= 1.0.0)
      rack-test (>= 0.5.4)
      selenium-webdriver (~> 2.0)
      xpath (~> 0.1.4)
    childprocess (0.2.2)
      ffi (~> 1.0.6)
    chunky_png (1.2.5)
    ci_reporter (1.6.5)
      builder (>= 2.1.2)
    compass (0.11.5)
      chunky_png (~> 1.2)
      fssm (>= 0.2.7)
      sass (~> 3.1)
    daemon_controller (0.2.6)
    daemons (1.1.4)
    diff-lcs (1.1.3)
    em-http-request (1.0.0)
      addressable (>= 2.2.3)
      em-socksify
      eventmachine (>= 1.0.0.beta.3)
      http_parser.rb (>= 0.5.2)
    em-socksify (0.1.0)
      eventmachine
    erubis (2.7.0)
    eventmachine (1.0.0.beta.4)
    extlib (0.9.15)
    ffi (1.0.9)
    fssm (0.2.7)
    git (1.2.5)
    haml (3.1.3)
    http_parser.rb (0.5.3)
    json_pure (1.4.6)
    lebowski (0.4.0)
      rspec (~> 2.5.0)
      selenium-client (~> 1.2.18)
    mime-types (1.17.2)
    nokogiri (1.5.0)
    rack (1.3.5)
    rack-test (0.6.1)
      rack (>= 1.0)
    rspec (2.5.0)
      rspec-core (~> 2.5.0)
      rspec-expectations (~> 2.5.0)
      rspec-mocks (~> 2.5.0)
    rspec-core (2.5.2)
    rspec-expectations (2.5.0)
      diff-lcs (~> 1.1.2)
    rspec-mocks (2.5.0)
    rubyzip (0.9.4)
    sass (3.1.10)
    selenium-client (1.2.18)
    selenium-webdriver (2.10.0)
      childprocess (>= 0.2.1)
      ffi (= 1.0.9)
      json_pure
      rubyzip
    sproutcore (1.6.0.1)
      compass (~> 0.11.1)
      em-http-request (~> 1.0.0.beta)
      erubis (~> 2.6)
      extlib (~> 0.9.15)
      haml (~> 3.1.1)
      json_pure (~> 1.4.6)
      rack (~> 1.2)
      thin (~> 1.2.11)
      thor (~> 0.14.3)
    thin (1.2.11)
      daemons (>= 1.0.9)
      eventmachine (>= 0.12.6)
      rack (>= 1.0.0)
    thor (0.14.6)
    trollop (1.16.2)
    xpath (0.1.4)
      nokogiri (~> 1.3)

PLATFORMS
  ruby

DEPENDENCIES
  ci_reporter
  git
  lebowski
  sc-testdriver (= 0.1.1)!
  sproutcore (~> 1.4)
  trollop
